GEM
  remote: https://rubygems.org/
  specs:
    erubi (1.12.0)

PLATFORMS
  aarch64-linux
  ruby

DEPENDENCIES
  erubi

BUNDLED WITH
   2.5.1
